GEM
  remote: https://rubygems.org/
  specs:
    addressable (2.3.4)
    andand (1.3.3)
    bcrypt-ruby (3.0.1-java)
    data_mapper (1.2.0)
      dm-aggregates (~> 1.2.0)
      dm-constraints (~> 1.2.0)
      dm-core (~> 1.2.0)
      dm-migrations (~> 1.2.0)
      dm-serializer (~> 1.2.0)
      dm-timestamps (~> 1.2.0)
      dm-transactions (~> 1.2.0)
      dm-types (~> 1.2.0)
      dm-validations (~> 1.2.0)
    data_objects (0.10.13)
      addressable (~> 2.1)
    dm-aggregates (1.2.0)
      dm-core (~> 1.2.0)
    dm-constraints (1.2.0)
      dm-core (~> 1.2.0)
    dm-core (1.2.1)
      addressable (~> 2.3)
    dm-do-adapter (1.2.0)
      data_objects (~> 0.10.6)
      dm-core (~> 1.2.0)
    dm-migrations (1.2.0)
      dm-core (~> 1.2.0)
    dm-serializer (1.2.2)
      dm-core (~> 1.2.0)
      fastercsv (~> 1.5)
      json (~> 1.6)
      json_pure (~> 1.6)
      multi_json (~> 1.0)
    dm-sqlite-adapter (1.2.0)
      dm-do-adapter (~> 1.2.0)
      do_sqlite3 (~> 0.10.6)
    dm-timestamps (1.2.0)
      dm-core (~> 1.2.0)
    dm-transactions (1.2.0)
      dm-core (~> 1.2.0)
    dm-types (1.2.2)
      bcrypt-ruby (~> 3.0)
      dm-core (~> 1.2.0)
      fastercsv (~> 1.5)
      json (~> 1.6)
      multi_json (~> 1.0)
      stringex (~> 1.4)
      uuidtools (~> 2.1)
    dm-validations (1.2.0)
      dm-core (~> 1.2.0)
    do_jdbc (0.10.13-java)
      data_objects (= 0.10.13)
    do_sqlite3 (0.10.13-java)
      data_objects (= 0.10.13)
      do_jdbc (= 0.10.13)
      jdbc-sqlite3 (>= 3.5.8)
    faker (1.1.2)
      i18n (~> 0.5)
    fastercsv (1.5.5)
    i18n (0.6.4)
    jdbc-sqlite3 (3.7.2.1)
    json (1.8.0-java)
    json_pure (1.8.0)
    multi_json (1.7.2)
    rack (1.5.2)
    rack-protection (1.5.0)
      rack
    sinatra (1.4.2)
      rack (~> 1.5, >= 1.5.2)
      rack-protection (~> 1.4)
      tilt (~> 1.3, >= 1.3.4)
    stringex (1.5.1)
    tilt (1.4.0)
    uuidtools (2.1.4)

PLATFORMS
  java

DEPENDENCIES
  andand
  data_mapper (~> 1.2.0)
  dm-sqlite-adapter (~> 1.2.0)
  faker
  jdbc-sqlite3
  sinatra (~> 1.4.2)
